GEM
  remote: https://rubygems.org/
  specs:
    execjs (2.8.1)
    json (1.7.5)
    libv8 (3.16.14.3)
    nginxtra (1.2.7.8)
      thor (~> 0.16.0)
    ref (1.0.5)
    therubyracer (0.12.1)
      libv8 (~> 3.16.14.0)
      ref
    thor (0.16.0)
    uglifier (4.2.0)
      execjs (>= 0.3.0, < 3)

PLATFORMS
  ruby

DEPENDENCIES
  bundler
  json
  nginxtra
  therubyracer
  uglifier
