GEM
  remote: https://rubygems.org/
  specs:
    execjs (1.4.0)
      multi_json (~> 1.0)
    json (1.7.7)
    libv8 (3.16.14.3)
    multi_json (1.3.6)
    nginxtra (1.2.7.8)
      thor (~> 0.16.0)
    ref (1.0.5)
    therubyracer (0.12.1)
      libv8 (~> 3.16.14.0)
      ref
    thor (0.16.0)
    uglifier (1.3.0)
      execjs (>= 0.3.0)
      multi_json (~> 1.0, >= 1.0.2)

PLATFORMS
  ruby

DEPENDENCIES
  bundler
  json
  nginxtra
  therubyracer
  uglifier
